GIT
  remote: git://github.com/yoolk/themes_on_rails.git
  revision: 3243b758e8250602ee1ae702a135759d3b7a280c
  specs:
    themes_on_rails (0.3.0)
      rails (>= 3.2)

PATH
  remote: .
  specs:
    yoolk_liquid (4.0.0.beta1)
      activemodel (~> 4.1.10)
      assets-rails (>= 0.2.0)
      autoprefixer-rails (~> 3.1.0.20140911)
      coffee-rails (~> 4.0.1)
      kaminari (~> 0.16.1)
      liquid-rails (~> 0.1.2)
      oj (~> 2.10.2)
      rails (~> 4.1.10)
      rails-i18n (~> 4.0.3)
      rails_autolink (~> 1.1.6)
      sass-rails (~> 5.0.1)
      themes_on_rails (~> 0.3.0)
      therubyracer (~> 0.12.1)
      truncate_html (~> 0.9.3)
      uglifier (>= 1.3.0)
      virtus (~> 1.0.3)

GEM
  remote: https://rubygems.org/
  specs:
    actionmailer (4.1.10)
      actionpack (= 4.1.10)
      actionview (= 4.1.10)
      mail (~> 2.5, >= 2.5.4)
    actionpack (4.1.10)
      actionview (= 4.1.10)
      activesupport (= 4.1.10)
      rack (~> 1.5.2)
      rack-test (~> 0.6.2)
    actionview (4.1.10)
      activesupport (= 4.1.10)
      builder (~> 3.1)
      erubis (~> 2.7.0)
    activemodel (4.1.10)
      activesupport (= 4.1.10)
      builder (~> 3.1)
    activerecord (4.1.10)
      activemodel (= 4.1.10)
      activesupport (= 4.1.10)
      arel (~> 5.0.0)
    activesupport (4.1.10)
      i18n (~> 0.6, >= 0.6.9)
      json (~> 1.7, >= 1.7.7)
      minitest (~> 5.1)
      thread_safe (~> 0.1)
      tzinfo (~> 1.1)
    ammeter (1.1.2)
      activesupport (>= 3.0)
      railties (>= 3.0)
      rspec-rails (>= 2.2)
    arel (5.0.1.20140414130214)
    assets-rails (0.2.0)
      railties (>= 3.2)
    autoprefixer-rails (3.1.0.20140911)
      execjs
    axiom-types (0.1.1)
      descendants_tracker (~> 0.0.4)
      ice_nine (~> 0.11.0)
      thread_safe (~> 0.3, >= 0.3.1)
    builder (3.2.2)
    celluloid (0.16.0)
      timers (~> 4.0.0)
    coderay (1.1.0)
    coercible (1.0.0)
      descendants_tracker (~> 0.0.1)
    coffee-rails (4.0.1)
      coffee-script (>= 2.2.0)
      railties (>= 4.0.0, < 5.0)
    coffee-script (2.4.1)
      coffee-script-source
      execjs
    coffee-script-source (1.9.1.1)
    coveralls (0.7.11)
      multi_json (~> 1.10)
      rest-client (>= 1.6.8, < 2)
      simplecov (~> 0.9.1)
      term-ansicolor (~> 1.3)
      thor (~> 0.19.1)
    daemons (1.1.9)
    descendants_tracker (0.0.4)
      thread_safe (~> 0.3, >= 0.3.1)
    diff-lcs (1.2.5)
    docile (1.1.5)
    equalizer (0.0.9)
    erubis (2.7.0)
    eventmachine (1.0.6)
    execjs (2.5.2)
    factory_girl (4.5.0)
      activesupport (>= 3.0.0)
    factory_girl_rails (4.5.0)
      factory_girl (~> 4.5.0)
      railties (>= 3.0.0)
    ffi (1.9.6)
    formatador (0.2.5)
    guard (2.11.1)
      formatador (>= 0.2.4)
      listen (~> 2.7)
      lumberjack (~> 1.0)
      nenv (~> 0.1)
      notiffany (~> 0.0)
      pry (>= 0.9.12)
      shellany (~> 0.0)
      thor (>= 0.18.1)
    guard-compat (1.2.1)
    guard-rspec (4.5.0)
      guard (~> 2.1)
      guard-compat (~> 1.1)
      rspec (>= 2.99.0, < 4.0)
    hitimes (1.2.2)
    i18n (0.7.0)
    ice_nine (0.11.1)
    json (1.8.2)
    kaminari (0.16.3)
      actionpack (>= 3.0.0)
      activesupport (>= 3.0.0)
    libv8 (3.16.14.7)
    liquid (3.0.2)
    liquid-rails (0.1.2)
      kaminari (~> 0.16.1)
      liquid (>= 3.0.0)
      rails (>= 3.2)
    listen (2.8.5)
      celluloid (>= 0.15.2)
      rb-fsevent (>= 0.9.3)
      rb-inotify (>= 0.9)
    lumberjack (1.0.9)
    mail (2.6.3)
      mime-types (>= 1.16, < 3)
    method_source (0.8.2)
    mime-types (2.5)
    minitest (5.6.1)
    multi_json (1.11.0)
    nenv (0.2.0)
    netrc (0.10.3)
    notiffany (0.0.4)
      nenv (~> 0.1)
      shellany (~> 0.0)
    oj (2.10.4)
    pry (0.9.12.6)
      coderay (~> 1.0)
      method_source (~> 0.8)
      slop (~> 3.4)
    quiet_assets (1.1.0)
      railties (>= 3.1, < 5.0)
    rack (1.5.3)
    rack-test (0.6.3)
      rack (>= 1.0)
    rails (4.1.10)
      actionmailer (= 4.1.10)
      actionpack (= 4.1.10)
      actionview (= 4.1.10)
      activemodel (= 4.1.10)
      activerecord (= 4.1.10)
      activesupport (= 4.1.10)
      bundler (>= 1.3.0, < 2.0)
      railties (= 4.1.10)
      sprockets-rails (~> 2.0)
    rails-i18n (4.0.4)
      i18n (~> 0.6)
      railties (~> 4.0)
    rails_autolink (1.1.6)
      rails (> 3.1)
    railties (4.1.10)
      actionpack (= 4.1.10)
      activesupport (= 4.1.10)
      rake (>= 0.8.7)
      thor (>= 0.18.1, < 2.0)
    rake (10.3.2)
    rb-fsevent (0.9.4)
    rb-inotify (0.9.5)
      ffi (>= 0.5.0)
    ref (1.0.5)
    rest-client (1.7.3)
      mime-types (>= 1.16, < 3.0)
      netrc (~> 0.7)
    rspec (3.2.0)
      rspec-core (~> 3.2.0)
      rspec-expectations (~> 3.2.0)
      rspec-mocks (~> 3.2.0)
    rspec-core (3.2.0)
      rspec-support (~> 3.2.0)
    rspec-expectations (3.2.0)
      diff-lcs (>= 1.2.0, < 2.0)
      rspec-support (~> 3.2.0)
    rspec-mocks (3.2.0)
      diff-lcs (>= 1.2.0, < 2.0)
      rspec-support (~> 3.2.0)
    rspec-rails (3.2.0)
      actionpack (>= 3.0, <= 4.2)
      activesupport (>= 3.0, <= 4.2)
      railties (>= 3.0, <= 4.2)
      rspec-core (~> 3.2.0)
      rspec-expectations (~> 3.2.0)
      rspec-mocks (~> 3.2.0)
      rspec-support (~> 3.2.0)
    rspec-support (3.2.1)
    rspec-virtus (1.0.1)
      rspec (>= 3.0)
      virtus (>= 1.0)
    sass (3.4.13)
    sass-rails (5.0.3)
      railties (>= 4.0.0, < 5.0)
      sass (~> 3.1)
      sprockets (>= 2.8, < 4.0)
      sprockets-rails (>= 2.0, < 4.0)
      tilt (~> 1.1)
    shellany (0.0.1)
    shoulda-matchers (2.8.0)
      activesupport (>= 3.0.0)
    simplecov (0.9.2)
      docile (~> 1.1.0)
      multi_json (~> 1.0)
      simplecov-html (~> 0.9.0)
    simplecov-html (0.9.0)
    slop (3.6.0)
    sprockets (3.1.0)
      rack (~> 1.0)
    sprockets-rails (2.3.1)
      actionpack (>= 3.0)
      activesupport (>= 3.0)
      sprockets (>= 2.8, < 4.0)
    term-ansicolor (1.3.0)
      tins (~> 1.0)
    therubyracer (0.12.2)
      libv8 (~> 3.16.14.0)
      ref
    thin (1.6.3)
      daemons (~> 1.0, >= 1.0.9)
      eventmachine (~> 1.0)
      rack (~> 1.0)
    thor (0.19.1)
    thread_safe (0.3.5)
    tilt (1.4.1)
    timers (4.0.1)
      hitimes
    tins (1.3.5)
    truncate_html (0.9.3)
    tzinfo (1.2.2)
      thread_safe (~> 0.1)
    uglifier (2.7.1)
      execjs (>= 0.3.0)
      json (>= 1.8.0)
    virtus (1.0.4)
      axiom-types (~> 0.1)
      coercible (~> 1.0)
      descendants_tracker (~> 0.0, >= 0.0.3)
      equalizer (~> 0.0, >= 0.0.9)

PLATFORMS
  ruby

DEPENDENCIES
  ammeter (~> 1.1.2)
  coveralls
  factory_girl_rails (>= 4.5.0)
  guard-rspec (~> 4.5.0)
  pry (~> 0.9.12.3)
  quiet_assets
  rake (~> 10.3.1)
  rspec-rails (~> 3.2.0)
  rspec-virtus (~> 1.0.1)
  shoulda-matchers (>= 2.8.0)
  simplecov (~> 0.9.0)
  themes_on_rails!
  thin (~> 1.6.1)
  yoolk_liquid!
